GEM
  remote: https://rubygems.org/
  specs:
    acluscraper (0.0.2)
    actionmailer (4.0.4)
      actionpack (= 4.0.4)
      mail (~> 2.5.4)
    actionpack (4.0.4)
      activesupport (= 4.0.4)
      builder (~> 3.1.0)
      erubis (~> 2.7.0)
      rack (~> 1.5.2)
      rack-test (~> 0.6.2)
    activemodel (4.0.4)
      activesupport (= 4.0.4)
      builder (~> 3.1.0)
    activerecord (4.0.4)
      activemodel (= 4.0.4)
      activerecord-deprecated_finders (~> 1.0.2)
      activesupport (= 4.0.4)
      arel (~> 4.0.0)
    activerecord-deprecated_finders (1.0.3)
    activesupport (4.0.4)
      i18n (~> 0.6, >= 0.6.9)
      minitest (~> 4.2)
      multi_json (~> 1.3)
      thread_safe (~> 0.1)
      tzinfo (~> 0.3.37)
    american_date (1.1.0)
    arel (4.0.2)
    better_errors (1.1.0)
      coderay (>= 1.0.0)
      erubis (>= 2.6.6)
    birch (0.0.8)
    builder (3.1.4)
    capistrano (3.2.1)
      i18n
      rake (>= 10.0.0)
      sshkit (~> 1.3)
    capistrano-bundler (1.1.2)
      capistrano (~> 3.0)
      sshkit (~> 1.2)
    capistrano-postgresql (3.0.0)
      capistrano (>= 3.0)
    capistrano-rails (1.1.1)
      capistrano (~> 3.1)
      capistrano-bundler (~> 1.1)
    capistrano-rvm (0.1.1)
      capistrano (~> 3.0)
      sshkit (~> 1.2)
    carrierwave (0.10.0)
      activemodel (>= 3.2.0)
      activesupport (>= 3.2.0)
      json (>= 1.7)
      mime-types (>= 1.16)
    climate_control (0.0.3)
      activesupport (>= 3.0)
    cocaine (0.5.4)
      climate_control (>= 0.0.3, < 1.0)
    coderay (1.1.0)
    coffee-rails (4.0.1)
      coffee-script (>= 2.2.0)
      railties (>= 4.0.0, < 5.0)
    coffee-script (2.3.0)
      coffee-script-source
      execjs
    coffee-script-source (1.7.1)
    colorize (0.7.3)
    commonjs (0.2.7)
    countryconvert (0.0.4)
    crack (0.4.2)
      safe_yaml (~> 1.0.0)
    csv2json (0.3.0)
      json
    d3-rails (3.4.4)
      railties (>= 3.1)
    daemon_controller (1.2.0)
    daemons (1.1.9)
    dalli (2.7.2)
    datacalc (0.0.1)
    docsplit (0.7.5)
    domain_name (0.5.19)
      unf (>= 0.0.5, < 1.0.0)
    effscraper (0.0.4)
    erubis (2.7.0)
    eventmachine (1.0.3)
    execjs (2.2.1)
    font-awesome-rails (4.1.0.0)
      railties (>= 3.2, < 5.0)
    foundation-icons-sass-rails (3.0.0)
      railties (>= 3.1.1)
      sass-rails (>= 3.1.1)
    foundation-rails (5.3.0.1)
      railties (>= 3.1.0)
      sass (>= 3.2.0)
    foundation_datepicker_rails (0.0.2)
      font-awesome-rails (~> 4.0)
      foundation-rails (~> 5.0)
      rails (~> 4.0)
    generalscraper (0.0.3)
    geocoder (1.2.3)
    hike (1.2.3)
    http-cookie (1.0.2)
      domain_name (~> 0.5)
    httparty (0.13.1)
      json (~> 1.8)
      multi_xml (>= 0.5.2)
    i18n (0.6.11)
    indeedscraper (0.0.1)
    jbuilder (2.0.0)
      activesupport (>= 3.0.0)
      multi_json (>= 1.2.0)
    jquery-rails (3.1.1)
      railties (>= 3.0, < 5.0)
      thor (>= 0.14, < 2.0)
    jquery-turbolinks (2.0.2)
      railties (>= 3.1.0)
      turbolinks
    jquery-ui-rails (5.0.0)
      railties (>= 3.2.16)
    json (1.8.1)
    jsoncombiner (0.0.2)
    jsoncrossreference (0.0.3)
    jsontochart (0.1.8)
    jsontochoropleth (0.0.2)
    jsontomap (0.0.4)
    jsontonetworkgraph (0.0.6)
    leaflet-rails (0.7.3)
    less (2.5.1)
      commonjs (~> 0.2.7)
    less-rails (2.5.0)
      actionpack (>= 3.1)
      less (~> 2.5.0)
    libv8 (3.16.14.3)
    linkedin-scraper (0.1.2)
      mechanize
    linkedindata (0.0.9)
    mail (2.5.4)
      mime-types (~> 1.16)
      treetop (~> 1.4.8)
    mechanize (2.7.2)
      domain_name (~> 0.5, >= 0.5.1)
      http-cookie (~> 1.0.0)
      mime-types (~> 1.17, >= 1.17.2)
      net-http-digest_auth (~> 1.1, >= 1.1.1)
      net-http-persistent (~> 2.5, >= 2.5.2)
      nokogiri (~> 1.4)
      ntlm-http (~> 0.1, >= 0.1.1)
      webrobots (>= 0.0.9, < 0.2)
    method_source (0.8.2)
    mime-types (1.25.1)
    mini_portile (0.6.0)
    minitest (4.7.5)
    multi_json (1.10.1)
    multi_xml (0.5.5)
    nametoemail (0.0.1)
    net-http-digest_auth (1.4)
    net-http-persistent (2.9.4)
    net-scp (1.2.1)
      net-ssh (>= 2.6.5)
    net-ssh (2.9.1)
    nokogiri (1.6.2.1)
      mini_portile (= 0.6.0)
    ntlm-http (0.1.1)
    open_uri_redirections (0.1.4)
    orderedhash (0.0.6)
    paperclip (4.2.0)
      activemodel (>= 3.0.0)
      activesupport (>= 3.0.0)
      cocaine (~> 0.5.3)
      mime-types
    passenger (4.0.42)
      daemon_controller (>= 1.2.0)
      rack
      rake (>= 0.8.1)
    pdfkit (0.6.2)
    perpetuity (1.0.0.beta5)
    perpetuity-postgres (0.0.5)
      perpetuity (~> 1.0.0.beta5)
      pg
    pg (0.17.1)
    polyglot (0.3.5)
    progressbar (0.21.0)
    protected_attributes (1.0.8)
      activemodel (>= 4.0.1, < 5.0)
    pry (0.10.0)
      coderay (~> 1.1.0)
      method_source (~> 0.8.1)
      slop (~> 3.4)
    quiet_assets (1.0.3)
      railties (>= 3.1, < 5.0)
    rack (1.5.2)
    rack-test (0.6.2)
      rack (>= 1.0)
    rails (4.0.4)
      actionmailer (= 4.0.4)
      actionpack (= 4.0.4)
      activerecord (= 4.0.4)
      activesupport (= 4.0.4)
      bundler (>= 1.3.0, < 2.0)
      railties (= 4.0.4)
      sprockets-rails (~> 2.0.0)
    railties (4.0.4)
      actionpack (= 4.0.4)
      activesupport (= 4.0.4)
      rake (>= 0.8.7)
      thor (>= 0.18.1, < 2.0)
    rake (12.3.3)
    rdoc (4.1.1)
      json (~> 1.4)
    ref (1.0.5)
    rubyzip (0.9.9)
    safe_yaml (1.0.3)
    sass (3.2.19)
    sass-rails (4.0.3)
      railties (>= 4.0.0, < 5.0)
      sass (~> 3.2.0)
      sprockets (~> 2.8, <= 2.11.0)
      sprockets-rails (~> 2.0)
    scalpel (0.2.1)
    schiphol (1.0.1)
      progressbar (>= 0.10.0)
      rubyzip (~> 0.9.9)
    sdoc (0.4.0)
      json (~> 1.8)
      rdoc (~> 4.0, < 5.0)
    simple_form (3.0.2)
      actionpack (~> 4.0)
      activemodel (~> 4.0)
    slop (3.5.0)
    spring (1.1.3)
    sprockets (2.11.0)
      hike (~> 1.2)
      multi_json (~> 1.0)
      rack (~> 1.0)
      tilt (~> 1.1, != 1.3.0)
    sprockets-rails (2.0.1)
      actionpack (>= 3.0)
      activesupport (>= 3.0)
      sprockets (~> 2.8)
    sshkit (1.5.1)
      colorize
      net-scp (>= 1.1.2)
      net-ssh (>= 2.8.0)
    sunlightcongress (0.0.9)
    sunlightpartytime (0.0.4)
    therubyracer (0.12.1)
      libv8 (~> 3.16.14.0)
      ref
    thin (1.6.2)
      daemons (>= 1.0.9)
      eventmachine (>= 1.0.0)
      rack (>= 1.0.0)
    thor (0.19.1)
    thread_safe (0.3.4)
    tilt (1.4.1)
    timelineJS-rails (1.1.5)
      jquery-rails
    timelinegen (0.0.6)
    topojson-rails (1.4.9)
      railties (>= 3.0, < 5.0)
    treat (2.0.9)
      birch
      schiphol
      yomu
    treetop (1.4.15)
      polyglot
      polyglot (>= 0.3.1)
    ttcalc (0.0.2)
    turbolinks (2.2.2)
      coffee-rails
    tzinfo (0.3.40)
    uglifier (2.5.1)
      execjs (>= 0.3.0)
      json (>= 1.8.0)
    unf (0.1.4)
      unf_ext
    unf_ext (0.0.6)
    uploadconvert (0.0.10)
    urlarchiver (0.0.9)
    webrobots (0.1.1)
    wicked (1.0.3)
      rails (>= 3.0.7)
    will_paginate (3.0.7)
    will_paginate-foundation (5.3.4)
      will_paginate (>= 3.0.3)
    wkhtmltopdf-binary (0.9.9.3)
    wlsearchscraper (0.0.3)
    wordcloud (0.0.11)
    yomu (0.2.0)
      json (~> 1.8)
      mime-types (~> 1.23)

PLATFORMS
  ruby

DEPENDENCIES
  acluscraper
  american_date
  better_errors
  capistrano
  capistrano-bundler
  capistrano-postgresql
  capistrano-rails
  capistrano-rvm
  carrierwave
  coffee-rails (~> 4.0.1)
  countryconvert
  crack
  csv2json
  d3-rails
  dalli
  datacalc
  docsplit
  effscraper
  foundation-icons-sass-rails
  foundation-rails
  foundation_datepicker_rails
  generalscraper
  geocoder
  httparty
  indeedscraper
  jbuilder (= 2.0)
  jquery-rails
  jquery-turbolinks
  jquery-ui-rails
  json (~> 1.8.1)
  jsoncombiner
  jsoncrossreference
  jsontochart
  jsontochoropleth
  jsontomap
  jsontonetworkgraph
  leaflet-rails
  less-rails
  linkedin-scraper
  linkedindata
  mechanize
  nametoemail
  open_uri_redirections
  orderedhash
  paperclip
  passenger
  pdfkit
  perpetuity-postgres
  pg
  protected_attributes
  pry
  quiet_assets
  rails (= 4.0.4)
  sass-rails (~> 4.0.2)
  scalpel
  sdoc
  simple_form
  spring
  sprockets
  sunlightcongress
  sunlightpartytime
  therubyracer
  thin
  timelineJS-rails
  timelinegen
  topojson-rails
  treat
  ttcalc
  turbolinks
  uglifier (>= 1.3.0)
  uploadconvert
  urlarchiver
  wicked
  will_paginate-foundation
  wkhtmltopdf-binary
  wlsearchscraper
  wordcloud
